PATH
  remote: .
  specs:
    swa (1.0.0)
      aws-sdk-athena (~> 1)
      aws-sdk-cloudformation (~> 1)
      aws-sdk-cloudtrail (~> 1)
      aws-sdk-ec2 (~> 1)
      aws-sdk-elasticloadbalancing (~> 1)
      aws-sdk-glue (~> 1)
      aws-sdk-iam (~> 1)
      aws-sdk-kms (~> 1)
      aws-sdk-lakeformation (~> 1)
      aws-sdk-s3 (~> 1)
      bytesize
      chronic
      clamp (>= 1.1.0)
      console_logger
      csv
      multi_json
      openssl (>= 3.3.1)
      ox
      pry
      stackup (>= 1.0.0)

GEM
  remote: https://rubygems.org/
  specs:
    ast (2.4.3)
    aws-eventstream (1.4.0)
    aws-partitions (1.1177.0)
    aws-sdk-athena (1.111.0)
      aws-sdk-core (~> 3, >= 3.234.0)
      aws-sigv4 (~> 1.5)
    aws-sdk-cloudformation (1.143.0)
      aws-sdk-core (~> 3, >= 3.234.0)
      aws-sigv4 (~> 1.5)
    aws-sdk-cloudtrail (1.113.0)
      aws-sdk-core (~> 3, >= 3.234.0)
      aws-sigv4 (~> 1.5)
    aws-sdk-core (3.235.0)
      aws-eventstream (~> 1, >= 1.3.0)
      aws-partitions (~> 1, >= 1.992.0)
      aws-sigv4 (~> 1.9)
      base64
      bigdecimal
      jmespath (~> 1, >= 1.6.1)
      logger
    aws-sdk-ec2 (1.566.0)
      aws-sdk-core (~> 3, >= 3.234.0)
      aws-sigv4 (~> 1.5)
    aws-sdk-elasticloadbalancing (1.82.0)
      aws-sdk-core (~> 3, >= 3.234.0)
      aws-sigv4 (~> 1.5)
    aws-sdk-glue (1.239.0)
      aws-sdk-core (~> 3, >= 3.234.0)
      aws-sigv4 (~> 1.5)
    aws-sdk-iam (1.131.0)
      aws-sdk-core (~> 3, >= 3.234.0)
      aws-sigv4 (~> 1.5)
    aws-sdk-kms (1.115.0)
      aws-sdk-core (~> 3, >= 3.234.0)
      aws-sigv4 (~> 1.5)
    aws-sdk-lakeformation (1.79.0)
      aws-sdk-core (~> 3, >= 3.234.0)
      aws-sigv4 (~> 1.5)
    aws-sdk-s3 (1.201.0)
      aws-sdk-core (~> 3, >= 3.234.0)
      aws-sdk-kms (~> 1)
      aws-sigv4 (~> 1.5)
    aws-sigv4 (1.12.1)
      aws-eventstream (~> 1, >= 1.0.2)
    base64 (0.3.0)
    bigdecimal (3.3.1)
    bytesize (0.1.2)
    chronic (0.10.2)
    clamp (1.3.3)
    coderay (1.1.3)
    console_logger (1.0.0)
    csv (3.3.5)
    diffy (3.4.4)
    jmespath (1.6.2)
    json (2.15.2)
    language_server-protocol (3.17.0.5)
    lint_roller (1.1.0)
    logger (1.7.0)
    method_source (1.1.0)
    multi_json (1.17.0)
    openssl (3.3.1)
    ox (2.14.23)
      bigdecimal (>= 3.0)
    parallel (1.27.0)
    parser (3.3.9.0)
      ast (~> 2.4.1)
      racc
    prism (1.6.0)
    pry (0.15.2)
      coderay (~> 1.1)
      method_source (~> 1.0)
    racc (1.8.1)
    rainbow (3.1.1)
    rake (12.3.3)
    regexp_parser (2.11.3)
    rubocop (1.81.6)
      json (~> 2.3)
      language_server-protocol (~> 3.17.0.2)
      lint_roller (~> 1.1.0)
      parallel (~> 1.10)
      parser (>= 3.3.0.2)
      rainbow (>= 2.2.2, < 4.0)
      regexp_parser (>= 2.9.3, < 3.0)
      rubocop-ast (>= 1.47.1, < 2.0)
      ruby-progressbar (~> 1.7)
      unicode-display_width (>= 2.4.0, < 4.0)
    rubocop-ast (1.47.1)
      parser (>= 3.3.7.2)
      prism (~> 1.4)
    ruby-progressbar (1.13.0)
    stackup (1.9.0)
      aws-sdk-cloudformation (~> 1.6)
      clamp (~> 1.2)
      console_logger
      diffy (~> 3.2)
      multi_json
    unicode-display_width (3.2.0)
      unicode-emoji (~> 4.1)
    unicode-emoji (4.1.0)

PLATFORMS
  arm64-darwin-24
  ruby

DEPENDENCIES
  bundler (~> 2.1)
  rake (~> 12.0)
  rubocop (~> 1.0)
  swa!

BUNDLED WITH
   2.6.9
